GEM
  remote: http://rubygems.org/
  specs:
    getopt (1.4.1)
    json (2.3.0)
    parseconfig (0.5.2)

PLATFORMS
  ruby

DEPENDENCIES
  getopt
  json
  parseconfig
